PATH
  remote: .
  specs:
    luhn_util (0.2.0)

GEM
  remote: https://rubygems.org/
  specs:
    diff-lcs (1.3)
    rake (13.2.1)
    rspec (3.12.0)
      rspec-core (~> 3.12.0)
      rspec-expectations (~> 3.12.0)
      rspec-mocks (~> 3.12.0)
    rspec-core (3.12.2)
      rspec-support (~> 3.12.0)
    rspec-expectations (3.12.3)
      diff-lcs (>= 1.2.0, < 2.0)
      rspec-support (~> 3.12.0)
    rspec-mocks (3.12.6)
      diff-lcs (>= 1.2.0, < 2.0)
      rspec-support (~> 3.12.0)
    rspec-support (3.12.1)

PLATFORMS
  ruby
  x86_64-darwin-20

DEPENDENCIES
  luhn_util!
  rake (~> 13.0)
  rspec (~> 3.0)

BUNDLED WITH
   2.5.23
